PATH
  remote: .
  specs:
    command (0.0.1)

GEM
  remote: https://rubygems.org/
  specs:

PLATFORMS
  ruby

DEPENDENCIES
  command!

BUNDLED WITH
   2.1.4
